PATH
  remote: .
  specs:
    rack-process-name (0.0.1)
      rack (>= 0.9.0)

GEM
  remote: http://rubygems.org/
  specs:
    columnize (0.3.2)
    linecache (0.43)
    rack (1.2.1)
    ruby-debug (0.10.4)
      columnize (>= 0.1)
      ruby-debug-base (~> 0.10.4.0)
    ruby-debug-base (0.10.4)
      linecache (>= 0.3)
    sinatra (1.2.0)
      rack (~> 1.1)
      tilt (< 2.0, >= 1.2.2)
    tilt (1.2.2)

PLATFORMS
  ruby

DEPENDENCIES
  rack-process-name!
  ruby-debug
  sinatra
